GEM
  remote: https://rubygems.org/
  specs:
    addressable (2.3.7)
    geocoder (1.2.7)
    kgio (2.9.3)
    rack (1.6.0)
    raindrops (0.13.0)
    shotgun (0.9)
      rack (>= 1.0)
    unicorn (4.8.3)
      kgio (~> 2.6)
      rack
      raindrops (~> 0.7)

PLATFORMS
  ruby

DEPENDENCIES
  addressable
  geocoder
  shotgun
  unicorn

RUBY VERSION
   ruby 2.3.1p112

BUNDLED WITH
   1.13.6
